STORAGE: NONE
RESTRICTION: >= net461
NUGET
  remote: https://www.nuget.org/api/v2
    FAKE (5.16)
    FParsec (1.1.1)
      FSharp.Core (>= 4.3.4)
      System.ValueTuple (>= 4.4)
    FSharp.Core (4.7.2)
    Fuchu (1.1)
      FSharp.Core (>= 4.3.4)
    System.ValueTuple (4.5)

GROUP Build
NUGET
  remote: https://www.nuget.org/api/v2
    FAKE (5.16)
