STORAGE: NONE
RESTRICTION: >= net461
NUGET
  remote: https://www.nuget.org/api/v2
    FAKE (5.16)
    FParsec (1.1.1)
      FSharp.Core (>= 4.3.4)
      System.ValueTuple (>= 4.4)
    FSharp.Core (4.7.2)
    Fuchu (1.1)
      FSharp.Core (>= 4.3.4)
    Newtonsoft.Json (12.0.3)
    System.ValueTuple (4.5)
GITHUB
  remote: fsharp/FsAutoComplete
    src/LanguageServerProtocol/LanguageServerProtocol.fs (07a0e745eea71f347040efc5f8c72c1d42ddf117)
GIT
  remote: https://github.com/gretmn102/FParserQSP.git
     (353e7a7ff66cf412c2c16759a2bbf3fc7c4f23ff)
      build: build.cmd
GROUP Build
NUGET
  remote: https://www.nuget.org/api/v2
    FAKE (5.16)
