STORAGE: NONE
RESTRICTION: || (== net461) (== netcoreapp3.1) (== netstandard2.0)
NUGET
  remote: https://api.nuget.org/v3/index.json
    Argu (6.1.1)
      FSharp.Core (>= 4.3.2) - restriction: || (&& (== net461) (>= netstandard2.0)) (== netcoreapp3.1) (== netstandard2.0)
      System.Configuration.ConfigurationManager (>= 4.4) - restriction: || (&& (== net461) (>= netstandard2.0)) (== netcoreapp3.1) (== netstandard2.0)
    FAKE (5.16)
    FParsec (1.1.1)
      FSharp.Core (>= 4.3.4)
      System.ValueTuple (>= 4.4) - restriction: || (== net461) (&& (== netcoreapp3.1) (>= net45)) (&& (== netstandard2.0) (>= net45))
    FSharp.Core (4.7.2)
    Fuchu (1.1)
      FSharp.Core (>= 4.3.4)
    HtmlAgilityPack (1.11.24)
    Microsoft.Extensions.DependencyInjection.Abstractions (3.1.8)
    Microsoft.NETCore.Platforms (3.1.3) - restriction: || (&& (== net461) (>= netcoreapp2.0)) (== netcoreapp3.1) (&& (== netstandard2.0) (>= netcoreapp2.0))
    Microsoft.Win32.SystemEvents (4.7) - restriction: || (&& (== net461) (>= netcoreapp3.0)) (== netcoreapp3.1) (&& (== netstandard2.0) (>= netcoreapp3.0))
      Microsoft.NETCore.Platforms (>= 3.1) - restriction: || (&& (== net461) (>= netcoreapp2.0)) (== netcoreapp3.1) (&& (== netstandard2.0) (>= netcoreapp2.0))
    Newtonsoft.Json (12.0.3)
    Newtonsoft.Json.Bson (1.0.2)
      Newtonsoft.Json (>= 12.0.1)
    System.Buffers (4.5.1) - restriction: || (&& (== net461) (== netcoreapp3.1)) (&& (== netcoreapp3.1) (>= monoandroid)) (&& (== netcoreapp3.1) (>= monotouch)) (&& (== netcoreapp3.1) (>= net461)) (&& (== netcoreapp3.1) (< netcoreapp2.0)) (&& (== netcoreapp3.1) (< netstandard1.1)) (&& (== netcoreapp3.1) (< netstandard2.0)) (&& (== netcoreapp3.1) (>= xamarinios)) (&& (== netcoreapp3.1) (>= xamarinmac)) (&& (== netcoreapp3.1) (>= xamarintvos)) (&& (== netcoreapp3.1) (>= xamarinwatchos)) (== netstandard2.0)
    System.Configuration.ConfigurationManager (4.7) - restriction: || (&& (== net461) (>= netstandard2.0)) (== netcoreapp3.1) (== netstandard2.0)
      System.Security.Cryptography.ProtectedData (>= 4.7) - restriction: || (== netcoreapp3.1) (== netstandard2.0)
      System.Security.Permissions (>= 4.7)
    System.Drawing.Common (4.7) - restriction: || (&& (== net461) (>= netcoreapp3.0)) (== netcoreapp3.1) (&& (== netstandard2.0) (>= netcoreapp3.0))
      Microsoft.NETCore.Platforms (>= 3.1) - restriction: || (&& (== net461) (>= netcoreapp2.0)) (== netcoreapp3.1) (&& (== netstandard2.0) (>= netcoreapp2.0))
      Microsoft.Win32.SystemEvents (>= 4.7) - restriction: || (&& (== net461) (>= netcoreapp2.0)) (== netcoreapp3.1) (&& (== netstandard2.0) (>= netcoreapp2.0))
    System.Memory (4.5.4) - restriction: || (&& (== net461) (== netcoreapp3.1)) (&& (== netcoreapp3.1) (< netcoreapp2.1)) (== netstandard2.0)
      System.Buffers (>= 4.5.1) - restriction: || (== net461) (&& (== netcoreapp3.1) (>= monoandroid)) (&& (== netcoreapp3.1) (>= monotouch)) (&& (== netcoreapp3.1) (>= net461)) (&& (== netcoreapp3.1) (< netcoreapp2.0)) (&& (== netcoreapp3.1) (< netstandard1.1)) (&& (== netcoreapp3.1) (< netstandard2.0)) (&& (== netcoreapp3.1) (>= xamarinios)) (&& (== netcoreapp3.1) (>= xamarinmac)) (&& (== netcoreapp3.1) (>= xamarintvos)) (&& (== netcoreapp3.1) (>= xamarinwatchos)) (== netstandard2.0)
      System.Numerics.Vectors (>= 4.4) - restriction: || (&& (== net461) (== netcoreapp3.1)) (&& (== net461) (< net45) (>= netstandard2.0)) (&& (== netcoreapp3.1) (< netcoreapp2.0)) (== netstandard2.0)
      System.Runtime.CompilerServices.Unsafe (>= 4.5.3) - restriction: || (== net461) (&& (== netcoreapp3.1) (>= monoandroid)) (&& (== netcoreapp3.1) (>= monotouch)) (&& (== netcoreapp3.1) (>= net461)) (&& (== netcoreapp3.1) (< netcoreapp2.0)) (&& (== netcoreapp3.1) (< netcoreapp2.1)) (&& (== netcoreapp3.1) (< netstandard1.1)) (&& (== netcoreapp3.1) (< netstandard2.0)) (&& (== netcoreapp3.1) (>= uap10.1)) (&& (== netcoreapp3.1) (>= xamarinios)) (&& (== netcoreapp3.1) (>= xamarinmac)) (&& (== netcoreapp3.1) (>= xamarintvos)) (&& (== netcoreapp3.1) (>= xamarinwatchos)) (== netstandard2.0)
    System.Numerics.Vectors (4.5) - restriction: || (&& (== net461) (== netcoreapp3.1)) (&& (== netcoreapp3.1) (< netcoreapp2.0)) (== netstandard2.0)
    System.Runtime.CompilerServices.Unsafe (4.7.1) - restriction: || (&& (== net461) (== netcoreapp3.1)) (&& (== netcoreapp3.1) (>= monoandroid)) (&& (== netcoreapp3.1) (>= monotouch)) (&& (== netcoreapp3.1) (>= net461)) (&& (== netcoreapp3.1) (< netcoreapp2.0)) (&& (== netcoreapp3.1) (< netcoreapp2.1)) (&& (== netcoreapp3.1) (< netstandard1.1)) (&& (== netcoreapp3.1) (< netstandard2.0)) (&& (== netcoreapp3.1) (>= uap10.1)) (&& (== netcoreapp3.1) (>= xamarinios)) (&& (== netcoreapp3.1) (>= xamarinmac)) (&& (== netcoreapp3.1) (>= xamarintvos)) (&& (== netcoreapp3.1) (>= xamarinwatchos)) (== netstandard2.0)
    System.Runtime.InteropServices.RuntimeInformation (4.3) - restriction: || (== net461) (&& (== netcoreapp3.1) (>= net461)) (&& (== netstandard2.0) (>= net461))
    System.Security.AccessControl (4.7) - restriction: || (&& (== net461) (>= netstandard2.0)) (== netcoreapp3.1) (== netstandard2.0)
      Microsoft.NETCore.Platforms (>= 3.1) - restriction: || (&& (== net461) (>= netcoreapp2.0)) (== netcoreapp3.1) (&& (== netstandard2.0) (>= netcoreapp2.0))
      System.Security.Principal.Windows (>= 4.7)
    System.Security.Cryptography.ProtectedData (4.7) - restriction: || (== netcoreapp3.1) (== netstandard2.0)
      System.Memory (>= 4.5.3) - restriction: || (&& (== net461) (== netcoreapp3.1)) (&& (== net461) (< net46) (>= netstandard2.0)) (&& (== netcoreapp3.1) (< netcoreapp2.1)) (== netstandard2.0)
    System.Security.Permissions (4.7) - restriction: || (&& (== net461) (>= netstandard2.0)) (== netcoreapp3.1) (== netstandard2.0)
      System.Security.AccessControl (>= 4.7)
      System.Windows.Extensions (>= 4.7) - restriction: || (&& (== net461) (>= netcoreapp3.0)) (== netcoreapp3.1) (&& (== netstandard2.0) (>= netcoreapp3.0))
    System.Security.Principal.Windows (4.7) - restriction: || (&& (== net461) (>= netcoreapp2.0)) (&& (== net461) (>= netstandard2.0)) (== netcoreapp3.1) (== netstandard2.0)
    System.ValueTuple (4.5) - restriction: || (== net461) (&& (== netcoreapp3.1) (>= net45)) (&& (== netstandard2.0) (>= net45))
    System.Windows.Extensions (4.7) - restriction: || (&& (== net461) (>= netcoreapp3.0)) (== netcoreapp3.1) (&& (== netstandard2.0) (>= netcoreapp3.0))
      System.Drawing.Common (>= 4.7) - restriction: || (&& (== net461) (>= netcoreapp3.0)) (== netcoreapp3.1) (&& (== netstandard2.0) (>= netcoreapp3.0))
    TextCopy (4.2)
      Microsoft.Extensions.DependencyInjection.Abstractions (>= 3.1.4)
      System.Runtime.InteropServices.RuntimeInformation (>= 4.3) - restriction: || (== net461) (&& (== netcoreapp3.1) (>= net461)) (&& (== netstandard2.0) (>= net461))
    YamlDotNet (8.1.2)
GITHUB
  remote: gretmn102/LSP-API
    src/LanguageServerProtocol.fs (00797a8541ae01b7fa0631cd9bc8fdfd6923caf5)
GIT
  remote: https://github.com/gretmn102/FsharpMyExtension.git
     (afae9328f846d67545a142708c4e11055ce6ac8b)