STORAGE: NONE
RESTRICTION: || (== net461) (== netcoreapp3.1) (== netstandard2.0)
NUGET
  remote: https://www.nuget.org/api/v2
    FAKE (5.16)
    FParsec (1.1.1)
      FSharp.Core (>= 4.3.4)
      System.ValueTuple (>= 4.4) - restriction: || (== net461) (&& (== netcoreapp3.1) (>= net45)) (&& (== netstandard2.0) (>= net45))
    FSharp.Core (4.7.2)
    Fuchu (1.1)
      FSharp.Core (>= 4.3.4)
    Newtonsoft.Json (12.0.3)
    System.ValueTuple (4.5) - restriction: || (== net461) (&& (== netcoreapp3.1) (>= net45)) (&& (== netstandard2.0) (>= net45))
GITHUB
  remote: gretmn102/LSP-API
    src/LanguageServerProtocol.fs (00797a8541ae01b7fa0631cd9bc8fdfd6923caf5)
GIT
  remote: https://github.com/gretmn102/FsharpMyExtension.git
     (eff1014adc2f0aca97a72af5c28235ac34cf30d7)
      build: build.cmd
GROUP Build
NUGET
  remote: https://www.nuget.org/api/v2
    FAKE (5.16)
