STORAGE: NONE
RESTRICTION: >= net461
NUGET
  remote: https://www.nuget.org/api/v2
    FAKE (5.16)
    FParsec (1.1.1)
      FSharp.Core (>= 4.3.4)
      System.ValueTuple (>= 4.4)
    FSharp.Core (4.7.2)
    Fuchu (1.1)
      FSharp.Core (>= 4.3.4)
    Newtonsoft.Json (12.0.3)
    System.ValueTuple (4.5)
GITHUB
  remote: fsharp/FsAutoComplete
    src/LanguageServerProtocol/LanguageServerProtocol.fs (07a0e745eea71f347040efc5f8c72c1d42ddf117)
GIT
  remote: https://github.com/gretmn102/FsharpMyExtension.git
     (eff1014adc2f0aca97a72af5c28235ac34cf30d7)
      build: build.cmd
GROUP Build
NUGET
  remote: https://www.nuget.org/api/v2
    FAKE (5.16)
