STORAGE: NONE
RESTRICTION: >= net461
NUGET
  remote: https://www.nuget.org/api/v2
    FAKE (5.16)
    FParsec (1.1.1)
      FSharp.Core (>= 4.3.4)
      System.ValueTuple (>= 4.4)
    FSharp.Core (4.7.2)
    Fuchu (1.1)
      FSharp.Core (>= 4.3.4)
    HtmlAgilityPack (1.11.24)
    Newtonsoft.Json (12.0.3)
    Newtonsoft.Json.Bson (1.0.2)
      Newtonsoft.Json (>= 12.0.1)
    System.ValueTuple (4.5)
    YamlDotNet (8.1.2)
  remote: paket-files/github.com/gretmn102/FsharpMyExtension/FsharpMyExtension/FsharpMyExtension/bin/Release
    FSharpMyExt (1.0.0)
      FParsec (>= 1.1.1)
      FSharp.Core (>= 4.7.1)
      Fuchu (>= 1.1)
      HtmlAgilityPack (>= 1.11.23)
      Newtonsoft.Json (>= 12.0.3)
      Newtonsoft.Json.Bson (>= 1.0.2)
      YamlDotNet (>= 8.1.1)
GIT
  remote: https://github.com/gretmn102/FsharpMyExtension.git
     (eff1014adc2f0aca97a72af5c28235ac34cf30d7)
      build: build.cmd NuGet
      path: /FsharpMyExtension/FsharpMyExtension/bin/Release/
GROUP Build
NUGET
  remote: https://www.nuget.org/api/v2
    FAKE (5.16)
